GIT
  remote: git://github.com/activerecord-hackery/ransack.git
  revision: 742425ade4bb66db573dc13bf436a8f3c87b733b
  branch: rails-4.1
  specs:
    ransack (1.2.4)
      actionpack (>= 4.0)
      activerecord (>= 4.0)
      activesupport (>= 4.0)
      i18n
      polyamorous (~> 1.1)

GIT
  remote: git://github.com/effektz/markable.git
  revision: b9286de8a8043f247f07dddf0d0867026600e3a1
  specs:
    markable (0.1.4)
      rails (>= 3.1)

GIT
  remote: git://github.com/thoughtbot/paperclip.git
  revision: 79d42b62ebacb26bfda98fb2f9707f5d5a0e51fb
  specs:
    paperclip (4.2.1)
      activemodel (>= 3.0.0)
      activesupport (>= 3.0.0)
      cocaine (~> 0.5.5)
      mime-types

GEM
  remote: https://rubygems.org/
  specs:
    RedCloth (4.2.9)
    actionmailer (4.1.8)
      actionpack (= 4.1.8)
      actionview (= 4.1.8)
      mail (~> 2.5, >= 2.5.4)
    actionpack (4.1.8)
      actionview (= 4.1.8)
      activesupport (= 4.1.8)
      rack (~> 1.5.2)
      rack-test (~> 0.6.2)
    actionview (4.1.8)
      activesupport (= 4.1.8)
      builder (~> 3.1)
      erubis (~> 2.7.0)
    activemodel (4.1.8)
      activesupport (= 4.1.8)
      builder (~> 3.1)
    activerecord (4.1.8)
      activemodel (= 4.1.8)
      activesupport (= 4.1.8)
      arel (~> 5.0.0)
    activesupport (4.1.8)
      i18n (~> 0.6, >= 0.6.9)
      json (~> 1.7, >= 1.7.7)
      minitest (~> 5.1)
      thread_safe (~> 0.1)
      tzinfo (~> 1.1)
    acts-as-taggable-on (3.5.0)
      activerecord (>= 3.2, < 5)
    albino (1.3.3)
      posix-spawn (>= 0.3.6)
    arel (5.0.1.20140414130214)
    aws-sdk (1.20.0)
      json (~> 1.4)
      nokogiri (>= 1.4.4, < 1.6.0)
      uuidtools (~> 2.1)
    bcrypt (3.1.9)
    bcrypt-ruby (3.1.5)
      bcrypt (>= 3.1.3)
    blogit (1.0.0.rc1)
      RedCloth (>= 4.2.9)
      acts-as-taggable-on
      albino (>= 1.3.3)
      jquery-rails
      kaminari (>= 0.13.0)
      nokogiri (>= 1.5.0)
      pingr (>= 0.0.3)
      redcarpet (>= 2.0.1)
    bootstrap-sass (3.3.1.0)
      sass (~> 3.2)
    builder (3.2.2)
    climate_control (0.0.3)
      activesupport (>= 3.0)
    cocaine (0.5.5)
      climate_control (>= 0.0.3, < 1.0)
    coderay (1.1.0)
    coffee-rails (4.0.1)
      coffee-script (>= 2.2.0)
      railties (>= 4.0.0, < 5.0)
    coffee-script (2.3.0)
      coffee-script-source
      execjs
    coffee-script-source (1.8.0)
    devise (3.1.2)
      bcrypt-ruby (~> 3.0)
      orm_adapter (~> 0.1)
      railties (>= 3.2.6, < 5)
      thread_safe (~> 0.1)
      warden (~> 1.2.3)
    erubis (2.7.0)
    excon (0.45.3)
    execjs (2.2.2)
    figaro (1.1.1)
      thor (~> 0.14)
    geocoder (1.2.7)
    gmaps4rails (2.1.2)
    hike (1.2.3)
    http_accept_language (2.0.5)
    i18n (0.6.11)
    intercom-rails (0.2.28)
      activesupport (> 3.0)
    jbuilder (2.2.5)
      activesupport (>= 3.0.0, < 5)
      multi_json (~> 1.2)
    jquery-rails (3.1.2)
      railties (>= 3.0, < 5.0)
      thor (>= 0.14, < 2.0)
    jquery-turbolinks (2.1.0)
      railties (>= 3.1.0)
      turbolinks
    json (1.8.1)
    kaminari (0.16.3)
      actionpack (>= 3.0.0)
      activesupport (>= 3.0.0)
    mail (2.6.3)
      mime-types (>= 1.16, < 3)
    mandrill-api (1.0.53)
      excon (>= 0.16.0, < 1.0)
      json (>= 1.7.7, < 2.0)
    mandrill_mailer (1.0.0)
      actionpack
      activesupport
      mandrill-api (~> 1.0.9)
    masonry-rails (0.2.4)
      railties
    method_source (0.8.2)
    mime-types (2.4.3)
    minitest (5.5.0)
    multi_json (1.10.1)
    nokogiri (1.5.11)
    orm_adapter (0.5.0)
    pg (0.17.1)
    pingr (0.0.3)
    polyamorous (1.1.0)
      activerecord (>= 3.0)
    posix-spawn (0.3.10)
    pry (0.10.1)
      coderay (~> 1.1.0)
      method_source (~> 0.8.1)
      slop (~> 3.4)
    rack (1.5.2)
    rack-test (0.6.2)
      rack (>= 1.0)
    rails (4.1.8)
      actionmailer (= 4.1.8)
      actionpack (= 4.1.8)
      actionview (= 4.1.8)
      activemodel (= 4.1.8)
      activerecord (= 4.1.8)
      activesupport (= 4.1.8)
      bundler (>= 1.3.0, < 2.0)
      railties (= 4.1.8)
      sprockets-rails (~> 2.0)
    rails_12factor (0.0.3)
      rails_serve_static_assets
      rails_stdout_logging
    rails_serve_static_assets (0.0.2)
    rails_stdout_logging (0.0.3)
    railties (4.1.8)
      actionpack (= 4.1.8)
      activesupport (= 4.1.8)
      rake (>= 0.8.7)
      thor (>= 0.18.1, < 2.0)
    rake (10.4.2)
    rdoc (4.2.0)
      json (~> 1.4)
    redcarpet (3.2.2)
    sass (3.2.19)
    sass-rails (4.0.5)
      railties (>= 4.0.0, < 5.0)
      sass (~> 3.2.2)
      sprockets (~> 2.8, < 3.0)
      sprockets-rails (~> 2.0)
    sdoc (0.4.1)
      json (~> 1.7, >= 1.7.7)
      rdoc (~> 4.0)
    slop (3.6.0)
    sprockets (2.12.3)
      hike (~> 1.2)
      multi_json (~> 1.0)
      rack (~> 1.0)
      tilt (~> 1.1, != 1.3.0)
    sprockets-rails (2.2.2)
      actionpack (>= 3.0)
      activesupport (>= 3.0)
      sprockets (>= 2.8, < 4.0)
    sqlite3 (1.3.10)
    thor (0.19.1)
    thread_safe (0.3.4)
    tilt (1.4.1)
    turbolinks (2.5.3)
      coffee-rails
    tzinfo (1.2.2)
      thread_safe (~> 0.1)
    uglifier (2.6.0)
      execjs (>= 0.3.0)
      json (>= 1.8.0)
    underscore-rails (1.8.2)
    uuidtools (2.1.5)
    warden (1.2.3)
      rack (>= 1.0)
    will_paginate (3.0.7)
    will_paginate-bootstrap (1.0.1)
      will_paginate (>= 3.0.3)

PLATFORMS
  ruby

DEPENDENCIES
  aws-sdk (~> 1.20.0)
  blogit (= 1.0.0.rc1)
  bootstrap-sass
  coffee-rails (~> 4.0.0)
  devise (~> 3.1.0.rc2)
  figaro
  geocoder
  gmaps4rails
  http_accept_language
  intercom-rails
  jbuilder (~> 2.0)
  jquery-rails
  jquery-turbolinks
  mandrill_mailer
  markable!
  masonry-rails (~> 0.2.0)
  paperclip!
  pg
  pry
  rails (= 4.1.8)
  rails_12factor
  ransack!
  sass-rails (~> 4.0.3)
  sdoc
  sqlite3
  turbolinks
  uglifier (>= 1.3.0)
  underscore-rails
  will_paginate (~> 3.0.6)
  will_paginate-bootstrap

BUNDLED WITH
   1.10.3
